GEM
  remote: https://rubygems.org/
  specs:
    minitest (5.20.0)

PLATFORMS
  ruby

DEPENDENCIES
  minitest

BUNDLED WITH
   2.4.13
